GEM
  remote: http://rubygems.org/
  specs:
    atomic (1.1.15)
    little-plugger (1.1.3)
    logging (1.8.2)
      little-plugger (>= 1.1.3)
      multi_json (>= 1.8.4)
    mail (2.5.4)
      mime-types (~> 1.16)
      treetop (~> 1.4.8)
    mime-types (1.25.1)
    multi_json (1.9.0)
    netrc (0.7.7)
    polyglot (0.3.4)
    rest_client (1.7.3)
      netrc (~> 0.7.7)
    rufus-scheduler (3.0.6)
      tzinfo
    thread_safe (0.2.0)
      atomic (>= 1.1.7, < 2)
    treetop (1.4.15)
      polyglot
      polyglot (>= 0.3.1)
    tzinfo (1.1.0)
      thread_safe (~> 0.1)

PLATFORMS
  ruby

DEPENDENCIES
  logging
  mail
  rest_client
  rufus-scheduler
